GIT
  remote: https://github.com/bokmann/font-awesome-rails.git
  revision: 228e35109bcc48c8ef58f3be766fc7af68fe5809
  specs:
    font-awesome-rails (0.5.0.contrib)
      railties (~> 3.1)

GIT
  remote: https://github.com/tjdett/georuby.git
  revision: 71b9d6c2a4f361212754b86ce990cbbbf7d34962
  branch: test-fixes
  specs:
    georuby (1.9.9)

GIT
  remote: https://github.com/tjdett/ruby-oai.git
  revision: af7b6dc711af18d7ed0a767ee65f3bada01ff1e0
  branch: next
  specs:
    oai (0.2.1)
      builder (>= 2.0.0)
      faraday
      faraday_middleware

GIT
  remote: https://github.com/tjdett/sru-ruby.git
  revision: 16423bf921ab836935b2a356d5405d4562d1a9ef
  branch: proxy-handling
  specs:
    sru (0.0.9)
      libxml-ruby

GEM
  remote: https://rubygems.org/
  specs:
    actionmailer (3.2.10)
      actionpack (= 3.2.10)
      mail (~> 2.4.4)
    actionpack (3.2.10)
      activemodel (= 3.2.10)
      activesupport (= 3.2.10)
      builder (~> 3.0.0)
      erubis (~> 2.7.0)
      journey (~> 1.0.4)
      rack (~> 1.4.0)
      rack-cache (~> 1.2)
      rack-test (~> 0.6.1)
      sprockets (~> 2.2.1)
    activeadmin (0.5.1)
      arbre (>= 1.0.1)
      bourbon (>= 1.0.0)
      devise (>= 1.1.2)
      fastercsv
      formtastic (>= 2.0.0)
      inherited_resources (>= 1.3.1)
      jquery-rails (>= 1.0.0)
      kaminari (>= 0.13.0)
      meta_search (>= 0.9.2)
      rails (>= 3.0.0)
      sass (>= 3.1.0)
    activemodel (3.2.10)
      activesupport (= 3.2.10)
      builder (~> 3.0.0)
    activerecord (3.2.10)
      activemodel (= 3.2.10)
      activesupport (= 3.2.10)
      arel (~> 3.0.2)
      tzinfo (~> 0.3.29)
    activerecord-postgresql-adapter (0.0.1)
      pg
    activeresource (3.2.10)
      activemodel (= 3.2.10)
      activesupport (= 3.2.10)
    activesupport (3.2.10)
      i18n (~> 0.6)
      multi_json (~> 1.0)
    addressable (2.3.2)
    algorithms (0.5.0)
    arbre (1.0.1)
      activesupport (>= 3.0.0)
    arel (3.0.2)
    awesome_print (1.1.0)
    bcrypt-ruby (3.0.1)
    bourbon (3.0.1)
      sass (>= 3.2.0)
      thor
    bourne (1.1.2)
      mocha (= 0.10.5)
    brakeman (1.9.0)
      activesupport
      erubis (~> 2.6)
      fastercsv (~> 1.5)
      haml (~> 3.0)
      highline (~> 1.6)
      i18n
      multi_json (~> 1.3)
      ruby2ruby (~> 2.0)
      ruby_parser (~> 3.0.4)
      sass (~> 3.0)
      terminal-table (~> 1.4)
    builder (3.0.4)
    clockwork (0.4.1)
      tzinfo
    cocaine (0.4.2)
    code_analyzer (0.3.1)
      sexp_processor
    coderay (1.0.8)
    coffee-rails (3.2.2)
      coffee-script (>= 2.2.0)
      railties (~> 3.2.0)
    coffee-script (2.2.0)
      coffee-script-source
      execjs
    coffee-script-source (1.4.0)
    colored (1.2)
    colorize (0.5.8)
    columnize (0.3.6)
    commonjs (0.2.6)
    crack (0.3.1)
    debugger (1.2.3)
      columnize (>= 0.3.1)
      debugger-linecache (~> 1.1.1)
      debugger-ruby_core_source (~> 1.1.5)
    debugger-linecache (1.1.2)
      debugger-ruby_core_source (>= 1.1.1)
    debugger-ruby_core_source (1.1.6)
    deface (1.0.0.rc1)
      colorize (>= 0.5.8)
      nokogiri (~> 1.5.0)
      rails (~> 3.1)
    delayed_job (3.0.4)
      activesupport (~> 3.0)
    delayed_job_active_record (0.3.3)
      activerecord (>= 2.1.0, < 4)
      delayed_job (~> 3.0)
    devise (2.1.2)
      bcrypt-ruby (~> 3.0)
      orm_adapter (~> 0.1)
      railties (~> 3.1)
      warden (~> 1.2.1)
    diff-lcs (1.1.3)
    equivalent-xml (0.3.0)
      nokogiri (>= 1.4.3)
    erubis (2.7.0)
    execjs (1.4.0)
      multi_json (~> 1.0)
    factory_girl (4.1.0)
      activesupport (>= 3.0.0)
    factory_girl_rails (4.1.0)
      factory_girl (~> 4.1.0)
      railties (>= 3.0.0)
    faraday (0.8.4)
      multipart-post (~> 1.1)
    faraday_middleware (0.9.0)
      faraday (>= 0.7.4, < 0.9)
    fastercsv (1.5.5)
    ffi (1.2.0)
    flog (3.2.0)
      ruby_parser (~> 3.0.0)
      sexp_processor (~> 4.0)
    foreman (0.60.2)
      thor (>= 0.13.6)
    formtastic (2.2.1)
      actionpack (>= 3.0)
    google-analytics-rails (0.0.3)
    google-code-prettify-rails (1.1.0)
      railties (>= 3.2.0.beta, < 5.0)
      thor (~> 0.14)
    guard (1.6.1)
      listen (>= 0.6.0)
      lumberjack (>= 1.0.2)
      pry (>= 0.9.10)
      thor (>= 0.14.6)
    guard-brakeman (0.6.2)
      brakeman (>= 1.8.2)
      guard (>= 1.1.0)
    guard-bundler (1.0.0)
      bundler (~> 1.0)
      guard (~> 1.1)
    guard-rails_best_practices (0.1.3)
      activesupport
      guard (>= 0.9)
      rails_best_practices (>= 1.1.0)
    guard-rspec (2.3.3)
      guard (>= 1.1)
      rspec (~> 2.11)
    haml (3.1.7)
    haml-rails (0.3.5)
      actionpack (>= 3.1, < 4.1)
      activesupport (>= 3.1, < 4.1)
      haml (~> 3.1)
      railties (>= 3.1, < 4.1)
    has_scope (0.5.1)
    highline (1.6.15)
    hike (1.2.1)
    htmlentities (4.3.1)
    i18n (0.6.1)
    inherited_resources (1.3.1)
      has_scope (~> 0.5.0)
      responders (~> 0.6)
    journey (1.0.4)
    jquery-rails (2.1.4)
      railties (>= 3.0, < 5.0)
      thor (>= 0.14, < 2.0)
    json (1.7.6)
    kaminari (0.14.1)
      actionpack (>= 3.0.0)
      activesupport (>= 3.0.0)
    kgio (2.7.4)
    less (2.2.2)
      commonjs (~> 0.2.6)
    less-rails (2.2.6)
      actionpack (>= 3.1)
      less (~> 2.2.0)
    libxml-ruby (2.3.3)
    listen (0.7.1)
    locale (2.0.8)
    lumberjack (1.0.2)
    mail (2.4.4)
      i18n (>= 0.4.0)
      mime-types (~> 1.16)
      treetop (~> 1.4.8)
    memoize (1.3.1)
    meta-tags (1.2.6)
      actionpack
    meta_search (1.1.3)
      actionpack (~> 3.1)
      activerecord (~> 3.1)
      activesupport (~> 3.1)
      polyamorous (~> 0.5.0)
    metaclass (0.0.1)
    method_source (0.8.1)
    mime-types (1.19)
    minitest (4.4.0)
    mocha (0.10.5)
      metaclass (~> 0.0.1)
    multi_json (1.5.0)
    multipart-post (1.1.5)
    nokogiri (1.5.6)
    open4 (1.3.0)
    orm_adapter (0.4.0)
    paperclip (3.4.0)
      activemodel (>= 3.0.0)
      activerecord (>= 3.0.0)
      activesupport (>= 3.0.0)
      cocaine (~> 0.4.0)
      mime-types
    perftools.rb (2.0.0)
    pg (0.14.1)
    polyamorous (0.5.0)
      activerecord (~> 3.0)
    polyglot (0.3.3)
    progressbar (0.12.0)
    pry (0.9.10)
      coderay (~> 1.0.5)
      method_source (~> 0.8)
      slop (~> 3.3.1)
    pry-rails (0.2.2)
      pry (>= 0.9.10)
    psych (1.3.4)
    rack (1.4.3)
    rack-cache (1.2)
      rack (>= 0.4)
    rack-perftools_profiler (0.6.0)
      open4 (~> 1.0)
      perftools.rb (~> 2.0.0)
      rack (~> 1.0)
    rack-ssl (1.3.2)
      rack
    rack-test (0.6.2)
      rack (>= 1.0)
    rails (3.2.10)
      actionmailer (= 3.2.10)
      actionpack (= 3.2.10)
      activerecord (= 3.2.10)
      activeresource (= 3.2.10)
      activesupport (= 3.2.10)
      bundler (~> 1.0)
      railties (= 3.2.10)
    rails-timeago (1.4.3)
      actionpack (>= 3.1)
      activesupport (>= 3.1)
    rails_best_practices (1.13.2)
      activesupport
      awesome_print
      code_analyzer
      colored
      erubis
      i18n
      progressbar
    railties (3.2.10)
      actionpack (= 3.2.10)
      activesupport (= 3.2.10)
      rack-ssl (~> 1.3.2)
      rake (>= 0.8.7)
      rdoc (~> 3.4)
      thor (>= 0.14.6, < 2.0)
    raindrops (0.10.0)
    rake (10.0.3)
    ratom (0.7.2)
      libxml-ruby (~> 2.3.2)
    rb-inotify (0.8.8)
      ffi (>= 0.5.0)
    rdf (0.3.11.1)
      addressable (>= 2.2.6)
    rdf-rdfa (0.3.19.1)
      haml (>= 3.1.7)
      htmlentities (>= 4.3.1)
      rdf (>= 0.3.11)
      rdf-xsd (>= 0.3.8)
    rdf-rdfxml (0.3.9)
      rdf (>= 0.3.11)
      rdf-xsd (>= 0.3.8)
    rdf-xsd (0.3.8)
      rdf (>= 0.3.4)
    rdoc (3.12)
      json (~> 1.4)
    realrand (2.0.0)
    redcarpet (2.2.2)
    ref (1.0.2)
    responders (0.9.3)
      railties (~> 3.1)
    rspec (2.12.0)
      rspec-core (~> 2.12.0)
      rspec-expectations (~> 2.12.0)
      rspec-mocks (~> 2.12.0)
    rspec-core (2.12.2)
    rspec-expectations (2.12.1)
      diff-lcs (~> 1.1.3)
    rspec-mocks (2.12.1)
    rspec-rails (2.12.1)
      actionpack (>= 3.0)
      activesupport (>= 3.0)
      railties (>= 3.0)
      rspec-core (~> 2.12.0)
      rspec-expectations (~> 2.12.0)
      rspec-mocks (~> 2.12.0)
    ruby-prof (0.12.0)
    ruby2ruby (2.0.1)
      ruby_parser (~> 3.0.0)
      sexp_processor (~> 4.0)
    ruby_parser (3.0.4)
      sexp_processor (~> 4.1)
    sass (3.2.5)
    sass-rails (3.2.5)
      railties (~> 3.2.0)
      sass (>= 3.1.10)
      tilt (~> 1.3)
    sexp_processor (4.1.3)
    shoulda-matchers (1.4.2)
      activesupport (>= 3.0.0)
      bourne (~> 1.1.2)
    simplecov (0.7.1)
      multi_json (~> 1.0)
      simplecov-html (~> 0.7.1)
    simplecov-html (0.7.1)
    slop (3.3.3)
    spork (0.9.2)
    sprockets (2.2.2)
      hike (~> 1.2)
      multi_json (~> 1.0)
      rack (~> 1.0)
      tilt (~> 1.1, != 1.3.0)
    sqlite3 (1.3.6)
    terminal-table (1.4.5)
    therubyracer (0.11.0beta8)
      ref
    thor (0.16.0)
    tilt (1.3.3)
    treetop (1.4.12)
      polyglot
      polyglot (>= 0.3.1)
    twitter-bootstrap-rails (2.2.0)
      actionpack (>= 3.1)
      execjs
      railties (>= 3.1)
    tzinfo (0.3.35)
    uglifier (1.3.0)
      execjs (>= 0.3.0)
      multi_json (~> 1.0, >= 1.0.2)
    underscore-rails (1.4.3)
    unicorn (4.5.0)
      kgio (~> 2.6)
      rack
      raindrops (~> 0.7)
    uuidtools (2.1.3)
    vcr (2.4.0)
    warden (1.2.1)
      rack (>= 1.0)
    webmock (1.9.0)
      addressable (>= 2.2.7)
      crack (>= 0.1.7)
    yard (0.8.3)

PLATFORMS
  ruby

DEPENDENCIES
  activeadmin
  activerecord
  activerecord-postgresql-adapter
  algorithms
  brakeman
  clockwork
  code_analyzer
  coffee-rails (~> 3.2.1)
  debugger
  deface (>= 1.0.0.rc1)
  delayed_job_active_record
  equivalent-xml
  factory_girl_rails
  flog
  font-awesome-rails!
  foreman
  georuby!
  google-analytics-rails
  google-code-prettify-rails
  guard
  guard-brakeman
  guard-bundler
  guard-rails_best_practices
  guard-rspec
  haml-rails
  jquery-rails
  less-rails
  libxml-ruby
  locale
  memoize
  meta-tags
  minitest
  nokogiri
  oai!
  paperclip (>= 3.2)
  pg
  pry-rails
  psych (>= 1.3.4)
  rack-perftools_profiler
  rails (>= 3.2.10)
  rails-timeago
  rails_best_practices (>= 1.11.0)
  rake
  ratom
  rb-inotify (~> 0.8.8)
  rdf
  rdf-rdfa
  rdf-rdfxml
  realrand
  redcarpet
  rspec-rails
  ruby-prof
  sass-rails (~> 3.2.3)
  shoulda-matchers
  simplecov
  spork
  sqlite3
  sru!
  therubyracer (= 0.11.0beta8)
  twitter-bootstrap-rails
  uglifier (>= 1.0.3)
  underscore-rails
  unicorn
  uuidtools
  vcr
  webmock
  yard
